PATH
  remote: .
  specs:
    ruff (0.0.5)

GEM
  remote: https://rubygems.org/
  specs:
    rake (10.5.0)
    redcarpet (3.5.0)
    yard (0.9.20)

PLATFORMS
  ruby

DEPENDENCIES
  bundler (~> 2.0)
  rake (~> 10.0)
  redcarpet
  ruff!
  yard

BUNDLED WITH
   2.0.1
