PATH
  remote: .
  specs:
    ruff (0.0.4)

GEM
  remote: https://rubygems.org/
  specs:
    rake (10.5.0)
    rdoc (6.1.1)

PLATFORMS
  ruby

DEPENDENCIES
  bundler (~> 2.0)
  rake (~> 10.0)
  rdoc
  ruff!

BUNDLED WITH
   2.0.1
