PATH
  remote: .
  specs:
    ruff (2.1.0)

GEM
  remote: https://rubygems.org/
  specs:
    ast (2.4.3)
    diff-lcs (1.6.2)
    json (2.13.2)
    language_server-protocol (3.17.0.5)
    lint_roller (1.1.0)
    logger (1.7.0)
    parallel (1.27.0)
    parser (3.3.9.0)
      ast (~> 2.4.1)
      racc
    prism (1.4.0)
    racc (1.8.1)
    rainbow (3.1.1)
    rake (13.3.0)
    rbs (3.9.4)
      logger
    redcarpet (3.6.1)
    regexp_parser (2.11.2)
    rspec (3.13.1)
      rspec-core (~> 3.13.0)
      rspec-expectations (~> 3.13.0)
      rspec-mocks (~> 3.13.0)
    rspec-core (3.13.5)
      rspec-support (~> 3.13.0)
    rspec-expectations (3.13.5)
      diff-lcs (>= 1.2.0, < 2.0)
      rspec-support (~> 3.13.0)
    rspec-mocks (3.13.5)
      diff-lcs (>= 1.2.0, < 2.0)
      rspec-support (~> 3.13.0)
    rspec-support (3.13.4)
    rubocop (1.79.1)
      json (~> 2.3)
      language_server-protocol (~> 3.17.0.2)
      lint_roller (~> 1.1.0)
      parallel (~> 1.10)
      parser (>= 3.3.0.2)
      rainbow (>= 2.2.2, < 4.0)
      regexp_parser (>= 2.9.3, < 3.0)
      rubocop-ast (>= 1.46.0, < 2.0)
      ruby-progressbar (~> 1.7)
      unicode-display_width (>= 2.4.0, < 4.0)
    rubocop-ast (1.46.0)
      parser (>= 3.3.7.2)
      prism (~> 1.4)
    rubocop-performance (1.25.0)
      lint_roller (~> 1.1)
      rubocop (>= 1.75.0, < 2.0)
      rubocop-ast (>= 1.38.0, < 2.0)
    rubocop-rake (0.7.1)
      lint_roller (~> 1.1)
      rubocop (>= 1.72.1)
    rubocop-rspec (3.6.0)
      lint_roller (~> 1.1)
      rubocop (~> 1.72, >= 1.72.1)
    ruby-lsp (0.24.2)
      language_server-protocol (~> 3.17.0)
      prism (>= 1.2, < 2.0)
      rbs (>= 3, < 5)
      sorbet-runtime (>= 0.5.10782)
    ruby-progressbar (1.13.0)
    sorbet-runtime (0.5.12219)
    unicode-display_width (3.1.5)
      unicode-emoji (~> 4.0, >= 4.0.4)
    unicode-emoji (4.0.4)
    yard (0.9.37)

PLATFORMS
  arm64-darwin-24
  ruby

DEPENDENCIES
  rake
  redcarpet
  rspec
  rubocop
  rubocop-performance
  rubocop-rake
  rubocop-rspec
  ruby-lsp
  ruff!
  yard

BUNDLED WITH
   2.5.22
